RESTRICTION: == net46
NUGET
  remote: https://www.nuget.org/api/v2
    NUnit (3.7.1)
    TickSpec (1.0.1.1)
